GIT
  remote: git://github.com/komeiatecnologia/logger.git
  revision: dd0d0ecde16f9ce4c45f5b805672ae492f25943e
  specs:
    logger (1.3.1)

GEM
  remote: http://rubygems.org/
  specs:

PLATFORMS
  ruby

DEPENDENCIES
  logger!

BUNDLED WITH
   2.0.1
